GEM
  remote: https://rubygems.org/
  specs:
    builder (3.0.0)
    cucumber (1.2.1)
      builder (>= 2.1.2)
      diff-lcs (>= 1.1.3)
      gherkin (~> 2.11.0)
      json (>= 1.4.6)
    diff-lcs (1.1.3)
    file-tail (1.0.10)
      tins (~> 0.4.3)
    gherkin (2.11.2)
      json (>= 1.4.6)
    haml (3.1.7)
    json (1.7.5)
    rack (1.4.1)
    rack-protection (1.2.0)
      rack
    rspec (2.10.0)
      rspec-core (~> 2.10.0)
      rspec-expectations (~> 2.10.0)
      rspec-mocks (~> 2.10.0)
    rspec-core (2.10.1)
    rspec-expectations (2.10.0)
      diff-lcs (~> 1.1.3)
    rspec-mocks (2.10.1)
    rspec-parameterized (0.0.2)
      rspec (~> 2.10.0)
      ruby2ruby (~> 1.3.1)
      sourcify (~> 0.5.0)
    ruby2ruby (1.3.1)
      ruby_parser (~> 2.0)
      sexp_processor (~> 3.0)
    ruby_parser (2.3.1)
      sexp_processor (~> 3.0)
    sexp_processor (3.2.0)
    sinatra (1.3.3)
      rack (~> 1.3, >= 1.3.6)
      rack-protection (~> 1.2)
      tilt (~> 1.3, >= 1.3.3)
    sourcify (0.5.0)
      file-tail (>= 1.0.5)
      ruby2ruby (>= 1.2.5)
      ruby_parser (>= 2.0.5)
      sexp_processor (>= 3.0.5)
    tilt (1.3.3)
    tins (0.4.3)

PLATFORMS
  ruby

DEPENDENCIES
  cucumber
  haml
  rspec (~> 2.10.0)
  rspec-parameterized
  sinatra
