GEM
  remote: https://rubygems.org/
  specs:
    diff-lcs (1.1.3)
    file-tail (1.0.10)
      tins (~> 0.4.3)
    rspec (2.10.0)
      rspec-core (~> 2.10.0)
      rspec-expectations (~> 2.10.0)
      rspec-mocks (~> 2.10.0)
    rspec-core (2.10.1)
    rspec-expectations (2.10.0)
      diff-lcs (~> 1.1.3)
    rspec-mocks (2.10.1)
    rspec-parameterized (0.0.2)
      rspec (~> 2.10.0)
      ruby2ruby (~> 1.3.1)
      sourcify (~> 0.5.0)
    ruby2ruby (1.3.1)
      ruby_parser (~> 2.0)
      sexp_processor (~> 3.0)
    ruby_parser (2.3.1)
      sexp_processor (~> 3.0)
    sexp_processor (3.2.0)
    sourcify (0.5.0)
      file-tail (>= 1.0.5)
      ruby2ruby (>= 1.2.5)
      ruby_parser (>= 2.0.5)
      sexp_processor (>= 3.0.5)
    tins (0.4.3)

PLATFORMS
  ruby

DEPENDENCIES
  rspec (~> 2.10.0)
  rspec-parameterized
